PATH
  remote: .
  specs:
    warranty-check (0.0.3)
      nokogiri

GEM
  remote: http://www.rubygems.org/
  specs:
    archive-tar-minitar (0.5.2)
    coderay (0.9.8)
    columnize (0.3.4)
    diff-lcs (1.1.3)
    linecache19 (0.5.12)
      ruby_core_source (>= 0.1.4)
    method_source (0.6.6)
      ruby_parser (~> 2.0.5)
    nokogiri (1.5.0)
    pry (0.9.6.2)
      coderay (~> 0.9.8)
      method_source (~> 0.6.5)
      ruby_parser (~> 2.0.5)
      slop (~> 2.1.0)
    rspec (2.6.0)
      rspec-core (~> 2.6.0)
      rspec-expectations (~> 2.6.0)
      rspec-mocks (~> 2.6.0)
    rspec-core (2.6.4)
    rspec-expectations (2.6.0)
      diff-lcs (~> 1.1.2)
    rspec-mocks (2.6.0)
    ruby-debug-base19 (0.11.25)
      columnize (>= 0.3.1)
      linecache19 (>= 0.5.11)
      ruby_core_source (>= 0.1.4)
    ruby-debug19 (0.11.6)
      columnize (>= 0.3.1)
      linecache19 (>= 0.5.11)
      ruby-debug-base19 (>= 0.11.19)
    ruby_core_source (0.1.5)
      archive-tar-minitar (>= 0.5.2)
    ruby_parser (2.0.6)
      sexp_processor (~> 3.0)
    sexp_processor (3.0.7)
    slop (2.1.0)

PLATFORMS
  ruby

DEPENDENCIES
  pry
  rspec
  ruby-debug19
  warranty-check!
